GEM
  remote: https://rubygems.org/
  specs:
    ast (2.4.2)
    gemfilelint (0.4.1)
      bundler
    json (2.7.0)
    parallel (1.23.0)
    parser (3.2.2.4)
      ast (~> 2.4.1)
      racc
    racc (1.7.3)
    rainbow (3.1.1)
    regexp_parser (2.8.2)
    rexml (3.2.6)
    rubocop (1.50.2)
      json (~> 2.3)
      parallel (~> 1.10)
      parser (>= 3.2.0.0)
      rainbow (>= 2.2.2, < 4.0)
      regexp_parser (>= 1.8, < 3.0)
      rexml (>= 3.2.5, < 4.0)
      rubocop-ast (>= 1.28.0, < 2.0)
      ruby-progressbar (~> 1.7)
      unicode-display_width (>= 2.4.0, < 3.0)
    rubocop-ast (1.30.0)
      parser (>= 3.2.1.0)
    rubocop-capybara (2.18.0)
      rubocop (~> 1.41)
    rubocop-performance (1.17.1)
      rubocop (>= 1.7.0, < 2.0)
      rubocop-ast (>= 0.4.0)
    rubocop-rspec (2.20.0)
      rubocop (~> 1.33)
      rubocop-capybara (~> 2.17)
    rubocop-sorbet (0.7.5)
      rubocop (>= 0.90.0)
    ruby-progressbar (1.13.0)
    sorbet (0.5.10461)
      sorbet-static (= 0.5.10461)
    sorbet-static (0.5.10461-universal-darwin-22)
    unicode-display_width (2.5.0)

PLATFORMS
  -darwin-22

DEPENDENCIES
  gemfilelint
  rubocop
  rubocop-performance
  rubocop-rspec
  rubocop-sorbet
  sorbet

BUNDLED WITH
   2.4.21
